GEM
  remote: https://rubygems.org/
  specs:
    colorize (0.8.1)
    json (2.6.3)

PLATFORMS
  arm64-darwin-21

DEPENDENCIES
  colorize
  json (~> 2.3)

RUBY VERSION
   ruby 3.0.0p0

BUNDLED WITH
   2.3.26
